GEM
  remote: https://rubygems.org/
  specs:
    ast (2.4.2)
    benchmark (0.4.1)
    benchmark-ips (2.13.0)
    erubi (1.13.1)
    json (2.7.2)
    language_server-protocol (3.17.0.3)
    logger (1.7.0)
    minitest (5.25.1)
    netrc (0.11.0)
    parallel (1.27.0)
    parser (3.3.4.2)
      ast (~> 2.4.1)
      racc
    prism (1.4.0)
    racc (1.8.1)
    rainbow (3.1.1)
    rake (13.2.1)
    rbi (0.3.6)
      prism (~> 1.0)
      rbs (>= 3.4.4)
    rbs (3.9.4)
      logger
    regexp_parser (2.9.2)
    rexml (3.3.6)
      strscan
    rubocop (1.65.1)
      json (~> 2.3)
      language_server-protocol (>= 3.17.0)
      parallel (~> 1.10)
      parser (>= 3.3.0.2)
      rainbow (>= 2.2.2, < 4.0)
      regexp_parser (>= 2.4, < 3.0)
      rexml (>= 3.2.5, < 4.0)
      rubocop-ast (>= 1.31.1, < 2.0)
      ruby-progressbar (~> 1.7)
      unicode-display_width (>= 2.4.0, < 3.0)
    rubocop-ast (1.32.1)
      parser (>= 3.3.1.0)
    ruby-progressbar (1.13.0)
    sorbet (0.5.12381)
      sorbet-static (= 0.5.12381)
    sorbet-runtime (0.5.12381)
    sorbet-static (0.5.12381-universal-darwin)
    sorbet-static-and-runtime (0.5.12381)
      sorbet (= 0.5.12381)
      sorbet-runtime (= 0.5.12381)
    spoom (1.6.3)
      erubi (>= 1.10.0)
      prism (>= 0.28.0)
      rbi (>= 0.3.3)
      rexml (>= 3.2.6)
      sorbet-static-and-runtime (>= 0.5.10187)
      thor (>= 0.19.2)
    strscan (3.1.0)
    tapioca (0.16.11)
      benchmark
      bundler (>= 2.2.25)
      netrc (>= 0.11.0)
      parallel (>= 1.21.0)
      rbi (~> 0.2)
      sorbet-static-and-runtime (>= 0.5.11087)
      spoom (>= 1.2.0)
      thor (>= 1.2.0)
      yard-sorbet
    thor (1.4.0)
    unicode-display_width (2.5.0)
    yard (0.9.37)
    yard-sorbet (0.9.0)
      sorbet-runtime
      yard

PLATFORMS
  arm64-darwin-22
  arm64-darwin-24

DEPENDENCIES
  benchmark-ips
  minitest
  rake
  rubocop
  sorbet
  tapioca

BUNDLED WITH
   2.5.4
